GEM
  remote: https://rubygems.org/
  specs:
    POpen4 (0.1.4)
      Platform (>= 0.4.0)
      open4
    Platform (0.4.0)
    RedCloth (4.2.9)
    asciidoctor (0.1.1)
    awestruct (0.5.0)
      bootstrap-sass (~> 2.3.1.0)
      compass (~> 0.12.1)
      compass-960-plugin (~> 0.10.4)
      git (~> 1.2.5)
      haml (~> 4.0.1)
      json (~> 1.7.7)
      listen (~> 0.7.3)
      nokogiri (~> 1.5.6)
      rack (~> 1.5.2)
      rest-client (~> 1.6.7)
      ruby-s3cmd (~> 0.1.5)
      tilt (~> 1.3.6)
    bootstrap-sass (2.3.1.0)
      sass (~> 3.2)
    chunky_png (1.2.8)
    compass (0.12.2)
      chunky_png (~> 1.2)
      fssm (>= 0.2.7)
      sass (~> 3.1)
    compass-960-plugin (0.10.4)
      compass (>= 0.10.0)
    css_press (0.3.2)
      csspool-st (= 3.1.2)
      json
    cssminify (1.0.2)
    csspool-st (3.1.2)
    execjs (1.4.0)
      multi_json (~> 1.0)
    fssm (0.2.10)
    git (1.2.5)
    haml (4.0.2)
      tilt
    html_press (0.8.1)
      htmlentities
      multi_css (>= 0.1.0)
      multi_js
    htmlcompressor (0.0.5)
      yui-compressor (~> 0.9.6)
    htmlentities (4.3.1)
    json (1.7.7)
    libv8 (3.11.8.17)
    listen (0.7.3)
    mime-types (1.22)
    multi_css (0.1.0)
      css_press
    multi_js (0.0.1)
      uglifier
    multi_json (1.6.1)
    nokogiri (1.5.9)
    open4 (1.3.0)
    rack (1.5.2)
    rb-fsevent (0.9.2)
    rdiscount (2.0.7.2)
    ref (1.0.4)
    rest-client (1.6.7)
      mime-types (>= 1.16)
    ruby-s3cmd (0.1.5)
    sass (3.2.7)
    slim (2.0.0.pre.7)
      temple (~> 0.6.3)
      tilt (~> 1.3.6)
    temple (0.6.3)
    therubyracer (0.11.4)
      libv8 (~> 3.11.8.12)
      ref
    tilt (1.3.7)
    uglifier (1.3.0)
      execjs (>= 0.3.0)
      multi_json (~> 1.0, >= 1.0.2)
    yui-compressor (0.9.6)
      POpen4 (>= 0.1.4)

PLATFORMS
  ruby

DEPENDENCIES
  RedCloth (~> 4.2.9)
  asciidoctor (~> 0.1.1)
  awestruct (~> 0.5.0)
  cssminify (~> 1.0.2)
  execjs (~> 1.4.0)
  haml (~> 4.0.0)
  html_press (~> 0.8.1)
  htmlcompressor (~> 0.0.5)
  kramdown (~> 1.0.1)
  rb-fsevent (~> 0.9)
  rdiscount (~> 2.0.7)
  slim (~> 2.0.0.pre.0)
  therubyracer (~> 0.11.4)
  therubyrhino (~> 2.0.2)
  uglifier (~> 1.3.0)
